GEM
  remote: https://rubygems.org/
  specs:
    actionmailer (3.2.15)
      actionpack (= 3.2.15)
      mail (~> 2.5.4)
    actionpack (3.2.15)
      activemodel (= 3.2.15)
      activesupport (= 3.2.15)
      builder (~> 3.0.0)
      erubis (~> 2.7.0)
      journey (~> 1.0.4)
      rack (~> 1.4.5)
      rack-cache (~> 1.2)
      rack-test (~> 0.6.1)
      sprockets (~> 2.2.1)
    active_model_serializers (0.7.0)
      activemodel (>= 3.0)
    activeadmin (0.6.2)
      arbre (~> 1.0)
      bourbon (>= 1.0.0, < 4)
      devise (>= 1.5.4, < 4)
      formtastic (~> 2.0)
      inherited_resources (~> 1.3)
      jquery-rails (>= 1.0.0, < 3)
      kaminari (~> 0.13)
      meta_search (~> 1.0)
      rails (>= 3.0.0, < 4)
      sass (~> 3.1)
    activemodel (3.2.15)
      activesupport (= 3.2.15)
      builder (~> 3.0.0)
    activerecord (3.2.15)
      activemodel (= 3.2.15)
      activesupport (= 3.2.15)
      arel (~> 3.0.2)
      tzinfo (~> 0.3.29)
    activeresource (3.2.15)
      activemodel (= 3.2.15)
      activesupport (= 3.2.15)
    activesupport (3.2.15)
      i18n (~> 0.6, >= 0.6.4)
      multi_json (~> 1.0)
    arbre (1.0.1)
      activesupport (>= 3.0.0)
    arel (3.0.3)
    atomic (1.1.14)
    barber (0.4.2)
      ember-source
      execjs
      handlebars-source
    bcrypt-ruby (3.1.2)
    better_errors (1.0.1)
      coderay (>= 1.0.0)
      erubis (>= 2.6.6)
    bootstrap-sass (3.0.2.1)
      sass (~> 3.2)
    bourbon (3.1.8)
      sass (>= 3.2.0)
      thor
    builder (3.0.4)
    cancan (1.6.10)
    carrierwave (0.9.0)
      activemodel (>= 3.2.0)
      activesupport (>= 3.2.0)
      json (>= 1.7)
    choice (0.1.6)
    coderay (1.1.0)
    coffee-rails (3.2.2)
      coffee-script (>= 2.2.0)
      railties (~> 3.2.0)
    coffee-script (2.2.0)
      coffee-script-source
      execjs
    coffee-script-source (1.6.3)
    devise (3.2.2)
      bcrypt-ruby (~> 3.0)
      orm_adapter (~> 0.1)
      railties (>= 3.2.6, < 5)
      thread_safe (~> 0.1)
      warden (~> 1.2.3)
    ember-data-source (0.14)
      ember-source
    ember-rails (0.14.1)
      active_model_serializers
      barber (>= 0.4.1)
      ember-data-source
      ember-source
      execjs (>= 1.2)
      handlebars-source
      jquery-rails (>= 1.0.17)
      railties (>= 3.1)
    ember-source (1.2.0.1)
      handlebars-source (~> 1.1.2)
    erubis (2.7.0)
    execjs (2.0.2)
    formtastic (2.2.1)
      actionpack (>= 3.0)
    handlebars-source (1.1.2)
    has_scope (0.6.0.rc)
      actionpack (>= 3.2, < 5)
      activesupport (>= 3.2, < 5)
    hike (1.2.3)
    i18n (0.6.9)
    inherited_resources (1.4.1)
      has_scope (~> 0.6.0.rc)
      responders (~> 1.0.0.rc)
    journey (1.0.4)
    jquery-rails (2.3.0)
      railties (>= 3.0, < 5.0)
      thor (>= 0.14, < 2.0)
    json (1.8.1)
    kaminari (0.15.0)
      actionpack (>= 3.0.0)
      activesupport (>= 3.0.0)
    mail (2.5.4)
      mime-types (~> 1.16)
      treetop (~> 1.4.8)
    meta_search (1.1.3)
      actionpack (~> 3.1)
      activerecord (~> 3.1)
      activesupport (~> 3.1)
      polyamorous (~> 0.5.0)
    method_source (0.8.2)
    mime-types (1.25.1)
    multi_json (1.8.2)
    orm_adapter (0.5.0)
    pg (0.17.0)
    polyamorous (0.5.0)
      activerecord (~> 3.0)
    polyglot (0.3.3)
    pry (0.9.12.4)
      coderay (~> 1.0)
      method_source (~> 0.8)
      slop (~> 3.4)
    quiet_assets (1.0.2)
      railties (>= 3.1, < 5.0)
    rack (1.4.5)
    rack-cache (1.2)
      rack (>= 0.4)
    rack-ssl (1.3.3)
      rack
    rack-test (0.6.2)
      rack (>= 1.0)
    rails (3.2.15)
      actionmailer (= 3.2.15)
      actionpack (= 3.2.15)
      activerecord (= 3.2.15)
      activeresource (= 3.2.15)
      activesupport (= 3.2.15)
      bundler (~> 1.0)
      railties (= 3.2.15)
    rails-erd (1.1.0)
      activerecord (>= 3.0)
      activesupport (>= 3.0)
      choice (~> 0.1.6)
      ruby-graphviz (~> 1.0.4)
    railties (3.2.15)
      actionpack (= 3.2.15)
      activesupport (= 3.2.15)
      rack-ssl (~> 1.3.2)
      rake (>= 0.8.7)
      rdoc (~> 3.4)
      thor (>= 0.14.6, < 2.0)
    rake (10.1.0)
    rdoc (3.12.2)
      json (~> 1.4)
    responders (1.0.0)
      railties (>= 3.2, < 5)
    rmagick (2.13.2)
    ruby-graphviz (1.0.9)
    sass (3.2.12)
    sass-rails (3.2.6)
      railties (~> 3.2.0)
      sass (>= 3.1.10)
      tilt (~> 1.3)
    simple_form (2.1.1)
      actionpack (~> 3.0)
      activemodel (~> 3.0)
    slop (3.4.7)
    sprockets (2.2.2)
      hike (~> 1.2)
      multi_json (~> 1.0)
      rack (~> 1.0)
      tilt (~> 1.1, != 1.3.0)
    thor (0.18.1)
    thread_safe (0.1.3)
      atomic
    tilt (1.4.1)
    treetop (1.4.15)
      polyglot
      polyglot (>= 0.3.1)
    tzinfo (0.3.38)
    uglifier (2.3.3)
      execjs (>= 0.3.0)
      json (>= 1.8.0)
    warden (1.2.3)
      rack (>= 1.0)

PLATFORMS
  ruby

DEPENDENCIES
  active_model_serializers (~> 0.7.0)
  activeadmin
  better_errors
  bootstrap-sass (~> 3.0.2.0)
  bourbon
  cancan
  carrierwave
  coffee-rails (~> 3.2.1)
  devise
  ember-rails
  ember-source (= 1.2.0.1)
  jquery-rails (~> 2.3.0)
  pg
  pry
  quiet_assets
  rails (= 3.2.15)
  rails-erd
  rmagick
  sass-rails (~> 3.2.3)
  simple_form
  uglifier (>= 1.0.3)
